GEM
  remote: https://rubygems.org/
  specs:
    json-next (1.2.1)
    object_hash_rb (0.1.3)
    spherical_mercator (1.1.1)

PLATFORMS
  ruby
  x64-mingw32

DEPENDENCIES
  json-next
  object_hash_rb
  spherical_mercator

BUNDLED WITH
   2.2.4
